GEM
  remote: https://rubygems.org/
  remote: https://rails-assets.org/
  specs:
    actioncable (5.2.2.1)
      actionpack (= 5.2.2.1)
      nio4r (~> 2.0)
      websocket-driver (>= 0.6.1)
    actionmailer (5.2.2.1)
      actionpack (= 5.2.2.1)
      actionview (= 5.2.2.1)
      activejob (= 5.2.2.1)
      mail (~> 2.5, >= 2.5.4)
      rails-dom-testing (~> 2.0)
    actionpack (5.2.2.1)
      actionview (= 5.2.2.1)
      activesupport (= 5.2.2.1)
      rack (~> 2.0)
      rack-test (>= 0.6.3)
      rails-dom-testing (~> 2.0)
      rails-html-sanitizer (~> 1.0, >= 1.0.2)
    actionview (5.2.2.1)
      activesupport (= 5.2.2.1)
      builder (~> 3.1)
      erubi (~> 1.4)
      rails-dom-testing (~> 2.0)
      rails-html-sanitizer (~> 1.0, >= 1.0.3)
    activejob (5.2.2.1)
      activesupport (= 5.2.2.1)
      globalid (>= 0.3.6)
    activemodel (5.2.2.1)
      activesupport (= 5.2.2.1)
    activerecord (5.2.2.1)
      activemodel (= 5.2.2.1)
      activesupport (= 5.2.2.1)
      arel (>= 9.0)
    activestorage (5.2.2.1)
      actionpack (= 5.2.2.1)
      activerecord (= 5.2.2.1)
      marcel (~> 0.3.1)
    activesupport (5.2.2.1)
      concurrent-ruby (~> 1.0, >= 1.0.2)
      i18n (>= 0.7, < 2)
      minitest (~> 5.1)
      tzinfo (~> 1.1)
    addressable (2.6.0)
      public_suffix (>= 2.0.2, < 4.0)
    airbrussh (1.3.1)
      sshkit (>= 1.6.1, != 1.7.0)
    apnotic (1.5.0)
      connection_pool (~> 2)
      net-http2 (>= 0.18, < 2)
    arel (9.0.0)
    auto_strip_attributes (2.5.0)
      activerecord (>= 4.0)
    bcrypt (3.1.12)
    bcrypt-ruby (3.1.5)
      bcrypt (>= 3.1.3)
    bindata (2.4.4)
    bootsnap (1.4.1)
      msgpack (~> 1.0)
    builder (3.2.3)
    byebug (11.0.0)
    capistrano (3.11.0)
      airbrussh (>= 1.0.0)
      i18n
      rake (>= 10.0.0)
      sshkit (>= 1.9.0)
    capistrano-bundler (1.5.0)
      capistrano (~> 3.1)
    capistrano-rails (1.4.0)
      capistrano (~> 3.1)
      capistrano-bundler (~> 1.1)
    capistrano-rvm (0.1.2)
      capistrano (~> 3.0)
      sshkit (~> 1.2)
    capistrano-sidekiq (1.0.2)
      capistrano (>= 3.9.0)
      sidekiq (>= 3.4)
    capistrano3-unicorn (0.2.1)
      capistrano (~> 3.1, >= 3.1.0)
    chunky_png (1.3.11)
    climate_control (0.2.0)
    concurrent-ruby (1.1.5)
    config (1.7.1)
      activesupport (>= 3.0)
      deep_merge (~> 1.2.1)
      dry-validation (>= 0.12.2)
    connection_pool (2.2.2)
    crass (1.0.4)
    css_parser (1.7.0)
      addressable
    dalli (2.7.9)
    deep_merge (1.2.1)
    dry-configurable (0.8.2)
      concurrent-ruby (~> 1.0)
      dry-core (~> 0.4, >= 0.4.7)
    dry-container (0.7.0)
      concurrent-ruby (~> 1.0)
      dry-configurable (~> 0.1, >= 0.1.3)
    dry-core (0.4.7)
      concurrent-ruby (~> 1.0)
    dry-equalizer (0.2.2)
    dry-inflector (0.1.2)
    dry-logic (0.5.0)
      dry-container (~> 0.2, >= 0.2.6)
      dry-core (~> 0.2)
      dry-equalizer (~> 0.2)
    dry-types (0.14.0)
      concurrent-ruby (~> 1.0)
      dry-container (~> 0.3)
      dry-core (~> 0.4, >= 0.4.4)
      dry-equalizer (~> 0.2)
      dry-inflector (~> 0.1, >= 0.1.2)
      dry-logic (~> 0.5, >= 0.5)
    dry-validation (0.13.0)
      concurrent-ruby (~> 1.0)
      dry-configurable (~> 0.1, >= 0.1.3)
      dry-core (~> 0.2, >= 0.2.1)
      dry-equalizer (~> 0.2)
      dry-logic (~> 0.5, >= 0.5.0)
      dry-types (~> 0.14, >= 0.14)
    erubi (1.8.0)
    execjs (2.7.0)
    faraday (0.15.4)
      multipart-post (>= 1.2, < 3)
    ffaker (2.10.0)
    ffi (1.10.0)
    globalid (0.4.2)
      activesupport (>= 4.2.0)
    groupdate (4.1.1)
      activesupport (>= 4.2)
    http-2 (0.10.1)
    i18n (1.6.0)
      concurrent-ruby (~> 1.0)
    iban-tools (1.1.0)
    icalendar (2.5.3)
      ice_cube (~> 0.16)
    ice_cube (0.16.3)
    jbuilder (2.8.0)
      activesupport (>= 4.2.0)
      multi_json (>= 1.2)
    jquery-rails (4.3.3)
      rails-dom-testing (>= 1, < 3)
      railties (>= 4.2.0)
      thor (>= 0.14, < 2.0)
    jquery-ui-rails (6.0.1)
      railties (>= 3.2.16)
    kgio (2.11.2)
    listen (3.1.5)
      rb-fsevent (~> 0.9, >= 0.9.4)
      rb-inotify (~> 0.9, >= 0.9.7)
      ruby_dep (~> 1.2)
    loofah (2.2.3)
      crass (~> 1.0.2)
      nokogiri (>= 1.5.9)
    mail (2.7.1)
      mini_mime (>= 0.1.1)
    marcel (0.3.3)
      mimemagic (~> 0.3.2)
    method_source (0.9.2)
    mime-types (3.2.2)
      mime-types-data (~> 3.2015)
    mime-types-data (3.2018.0812)
    mimemagic (0.3.3)
    mini_mime (1.0.1)
    mini_portile2 (2.4.0)
    minitest (5.11.3)
    msgpack (1.2.9)
    multi_json (1.13.1)
    multipart-post (2.0.0)
    mysql2 (0.5.2)
    name_of_person (1.1.0)
      activesupport (>= 5.2.0)
    net-http2 (0.18.2)
      http-2 (~> 0.10.1)
    net-scp (1.2.1)
      net-ssh (>= 2.6.5)
    net-ssh (5.2.0)
    nio4r (2.3.1)
    nokogiri (1.10.1)
      mini_portile2 (~> 2.4.0)
    paperclip (6.1.0)
      activemodel (>= 4.2.0)
      activesupport (>= 4.2.0)
      mime-types
      mimemagic (~> 0.3.0)
      terrapin (~> 0.6.0)
    pdf-core (0.7.0)
    phony (2.17.0)
    phony_rails (0.14.11)
      activesupport (>= 3.0)
      phony (> 2.15)
    prawn (2.2.2)
      pdf-core (~> 0.7.0)
      ttfunk (~> 1.5)
    prawn-qrcode (0.3.1)
      prawn (>= 1)
      rqrcode (>= 0.4.1)
    prawn-svg (0.29.1)
      css_parser (~> 1.6)
      prawn (>= 0.11.1, < 3)
    prawn-table (0.2.2)
      prawn (>= 1.3.0, < 3.0.0)
    public_suffix (3.0.3)
    rack (2.0.6)
    rack-protection (2.0.5)
      rack
    rack-test (1.1.0)
      rack (>= 1.0, < 3)
    rails (5.2.2.1)
      actioncable (= 5.2.2.1)
      actionmailer (= 5.2.2.1)
      actionpack (= 5.2.2.1)
      actionview (= 5.2.2.1)
      activejob (= 5.2.2.1)
      activemodel (= 5.2.2.1)
      activerecord (= 5.2.2.1)
      activestorage (= 5.2.2.1)
      activesupport (= 5.2.2.1)
      bundler (>= 1.3.0)
      railties (= 5.2.2.1)
      sprockets-rails (>= 2.0.0)
    rails-assets-chartjs (1.0.2)
    rails-assets-ol3-bower (3.18.2)
    rails-assets-raven-js (3.27.0)
    rails-assets-socket.io-client (2.1.1)
    rails-assets-spinjs (2.1.3)
    rails-assets-validator-js (1.3.0)
    rails-dom-testing (2.0.3)
      activesupport (>= 4.2.0)
      nokogiri (>= 1.6)
    rails-html-sanitizer (1.0.4)
      loofah (~> 2.2, >= 2.2.2)
    railties (5.2.2.1)
      actionpack (= 5.2.2.1)
      activesupport (= 5.2.2.1)
      method_source
      rake (>= 0.8.7)
      thor (>= 0.19.0, < 2.0)
    raindrops (0.19.0)
    rake (12.3.2)
    rb-fsevent (0.10.3)
    rb-inotify (0.10.0)
      ffi (~> 1.0)
    record_tag_helper (1.0.0)
      actionview (~> 5.x)
    redis (4.1.0)
    request_store (1.2.1)
    roadie (3.4.0)
      css_parser (~> 1.4)
      nokogiri (~> 1.5)
    roadie-rails (2.0.0)
      railties (>= 5.1, < 5.3)
      roadie (~> 3.1)
    rqrcode (0.10.1)
      chunky_png (~> 1.0)
    ruby_dep (1.5.0)
    rubyzip (1.2.2)
    sass (3.7.3)
      sass-listen (~> 4.0.0)
    sass-listen (4.0.0)
      rb-fsevent (~> 0.9, >= 0.9.4)
      rb-inotify (~> 0.9, >= 0.9.7)
    sass-rails (5.0.7)
      railties (>= 4.0.0, < 6)
      sass (~> 3.1)
      sprockets (>= 2.8, < 4.0)
      sprockets-rails (>= 2.0, < 4.0)
      tilt (>= 1.1, < 3)
    sentry-raven (2.9.0)
      faraday (>= 0.7.6, < 1.0)
    sepa_king (0.11.2)
      activemodel (>= 3.1)
      iban-tools
      nokogiri
    sidekiq (5.2.5)
      connection_pool (~> 2.2, >= 2.2.2)
      rack (>= 1.5.0)
      rack-protection (>= 1.5.0)
      redis (>= 3.3.5, < 5)
    simpleidn (0.1.1)
      unf (~> 0.1.4)
    spring (2.0.2)
      activesupport (>= 4.2)
    spring-watcher-listen (2.0.1)
      listen (>= 2.7, < 4.0)
      spring (>= 1.2, < 3.0)
    sprockets (3.7.2)
      concurrent-ruby (~> 1.0)
      rack (> 1, < 3)
    sprockets-rails (3.2.1)
      actionpack (>= 4.0)
      activesupport (>= 4.0)
      sprockets (>= 3.0.0)
    sqlite3 (1.3.13)
    sshkit (1.18.2)
      net-scp (>= 1.1.2)
      net-ssh (>= 2.8.0)
    terrapin (0.6.0)
      climate_control (>= 0.0.3, < 1.0)
    thor (0.20.3)
    thread_safe (0.3.6)
    tilt (2.0.9)
    ttfunk (1.5.1)
    tzinfo (1.2.5)
      thread_safe (~> 0.1)
    uglifier (4.1.20)
      execjs (>= 0.3.0, < 3)
    unf (0.1.4)
      unf_ext
    unf_ext (0.0.7.5)
    unicorn (5.5.0)
      kgio (~> 2.6)
      raindrops (~> 0.7)
    websocket-driver (0.7.0)
      websocket-extensions (>= 0.1.0)
    websocket-extensions (0.1.3)

PLATFORMS
  ruby

DEPENDENCIES
  apnotic (~> 1.5.0)
  auto_strip_attributes (~> 2.0)
  bcrypt-ruby (~> 3.1.5)
  bindata (~> 2.4.3)
  bootsnap
  byebug
  capistrano (~> 3.11.0)
  capistrano-bundler (~> 1.5.0)
  capistrano-rails (~> 1.4.0)
  capistrano-rvm (~> 0.1.1)
  capistrano-sidekiq (~> 1.0.2)
  capistrano3-unicorn
  config
  connection_pool (~> 2.2.2)
  dalli (~> 2.7.8)
  ffaker (~> 2.10.0)
  groupdate (~> 4.1.0)
  icalendar (~> 2.5.0)
  jbuilder
  jquery-rails (~> 4.3.1)
  jquery-ui-rails (~> 6.0.0)
  listen (~> 3.0)
  mysql2 (~> 0.5.1)
  name_of_person
  paperclip (~> 6.1.0)
  phony_rails (~> 0.14.2)
  prawn (~> 2.2.2)
  prawn-qrcode (~> 0.3.0)
  prawn-svg (~> 0.29.0)
  prawn-table (~> 0.2.1)
  rails (~> 5.2.2)
  rails-assets-chartjs (~> 1.0.2)!
  rails-assets-ol3-bower (~> 3.18.2)!
  rails-assets-raven-js!
  rails-assets-socket.io-client (~> 2.1.0)!
  rails-assets-spinjs (~> 2.1.0)!
  rails-assets-validator-js (~> 1.3.0)!
  record_tag_helper (~> 1.0)
  request_store (~> 1.2.0)
  roadie (~> 3.4.0)
  roadie-rails (~> 2.0.0)
  rubyzip (~> 1.2.0)
  sass-rails (~> 5.0.5)
  sentry-raven
  sepa_king (~> 0.11.0)
  sidekiq (~> 5.2.2)
  simpleidn (~> 0.1.1)
  spring (~> 2.0.0)
  spring-watcher-listen (~> 2.0.0)
  sprockets-rails (~> 3.2.0)
  sqlite3 (~> 1.3.0)
  uglifier
  unicorn (~> 5.5.0)

BUNDLED WITH
   1.17.2
